PATH
  remote: .
  specs:
    ref_parsers (0.2.2)

GEM
  remote: https://rubygems.org/
  specs:
    coderay (1.1.1)
    diff-lcs (1.3)
    docile (1.3.5)
    json (2.6.2)
    rake (13.0.6)
    rspec (3.5.0)
      rspec-core (~> 3.5.0)
      rspec-expectations (~> 3.5.0)
      rspec-mocks (~> 3.5.0)
    rspec-core (3.5.4)
      rspec-support (~> 3.5.0)
    rspec-expectations (3.5.0)
      diff-lcs (>= 1.2.0, < 2.0)
      rspec-support (~> 3.5.0)
    rspec-mocks (3.5.0)
      diff-lcs (>= 1.2.0, < 2.0)
      rspec-support (~> 3.5.0)
    rspec-support (3.5.0)
    simplecov (0.17.1)
      docile (~> 1.1)
      json (>= 1.8, < 3)
      simplecov-html (~> 0.10.0)
    simplecov-html (0.10.2)
    simplecov-lcov (0.7.0)

PLATFORMS
  ruby

DEPENDENCIES
  bundler (~> 1.3)
  coderay (~> 1.1)
  rake (~> 13)
  ref_parsers!
  rspec (~> 3.5)
  simplecov (~> 0.17.1)
  simplecov-lcov (~> 0.7.0)

BUNDLED WITH
   1.17.3
